PATH
  remote: .
  specs:
    animoto (1.0.0)
      json (> 0.0.0)

GEM
  remote: http://rubygems.org/
  specs:
    addressable (2.2.2)
    crack (0.1.8)
    curb (0.7.8)
    diff-lcs (1.1.2)
    json (1.4.6)
    mime-types (1.16)
    mocha (0.9.10)
      rake
    patron (0.4.10)
    rake (0.8.7)
    rest-client (1.6.1)
      mime-types (>= 1.16)
    rspec (2.3.0)
      rspec-core (~> 2.3.0)
      rspec-expectations (~> 2.3.0)
      rspec-mocks (~> 2.3.0)
    rspec-core (2.3.0)
    rspec-expectations (2.3.0)
      diff-lcs (~> 1.1.2)
    rspec-mocks (2.3.0)
    typhoeus (0.2.0)
    webmock (1.6.1)
      addressable (>= 2.2.2)
      crack (>= 0.1.7)
    yajl-ruby (0.7.8)

PLATFORMS
  ruby

DEPENDENCIES
  animoto!
  curb
  json (> 0.0.0)
  mocha
  patron
  rake
  rest-client
  rspec
  typhoeus
  webmock
  yajl-ruby
